GEM
  remote: https://rubygems.org/
  specs:
    builder (3.2.2)
    coderay (1.1.0)
    daemons (1.2.3)
    diff-lcs (1.2.5)
    haml (2.2.24)
    method_source (0.8.2)
    mwmitchell-rsolr (0.9.6)
      builder (>= 2.1.2)
    optiflag (0.6.5)
    outoftime-sunspot (0.9.8)
      daemons (~> 1.0)
      haml (~> 2.2)
      mwmitchell-rsolr (= 0.9.6)
      optiflag (~> 0.6.5)
    pry (0.10.1)
      coderay (~> 1.1.0)
      method_source (~> 0.8.1)
      slop (~> 3.4)
    rspec (3.3.0)
      rspec-core (~> 3.3.0)
      rspec-expectations (~> 3.3.0)
      rspec-mocks (~> 3.3.0)
    rspec-core (3.3.2)
      rspec-support (~> 3.3.0)
    rspec-expectations (3.3.1)
      diff-lcs (>= 1.2.0, < 2.0)
      rspec-support (~> 3.3.0)
    rspec-mocks (3.3.2)
      diff-lcs (>= 1.2.0, < 2.0)
      rspec-support (~> 3.3.0)
    rspec-support (3.3.0)
    slop (3.6.0)
    solr-ruby (0.0.8)

PLATFORMS
  ruby

DEPENDENCIES
  optiflag (~> 0.6.5)
  outoftime-sunspot
  pry
  rspec
  solr-ruby
